GIT
  remote: https://github.com/AirPR/fluent-plugin-heroku-http.git
  revision: 5d80bca9a73a2fc1df3ecd610ee1860dbcbee36e
  specs:
    fluent-plugin-heroku-http (0.0.2)
      fluentd (>= 1.0)

GEM
  remote: http://rubygems.org/
  specs:
    concurrent-ruby (1.1.8)
    cool.io (1.7.1)
    fluent-plugin-newrelic (1.1.10)
      fluentd (>= 1.0.0)
    fluentd (1.12.1)
      bundler
      cool.io (>= 1.4.5, < 2.0.0)
      http_parser.rb (>= 0.5.1, < 0.7.0)
      msgpack (>= 1.3.1, < 2.0.0)
      serverengine (>= 2.2.2, < 3.0.0)
      sigdump (~> 0.2.2)
      strptime (>= 0.2.2, < 1.0.0)
      tzinfo (>= 1.0, < 3.0)
      tzinfo-data (~> 1.0)
      yajl-ruby (~> 1.0)
    http_parser.rb (0.6.0)
    msgpack (1.4.2)
    serverengine (2.2.3)
      sigdump (~> 0.2.2)
    sigdump (0.2.4)
    strptime (0.2.5)
    tzinfo (2.0.4)
      concurrent-ruby (~> 1.0)
    tzinfo-data (1.2021.1)
      tzinfo (>= 1.0.0)
    yajl-ruby (1.4.1)

PLATFORMS
  ruby

DEPENDENCIES
  fluent-plugin-heroku-http!
  fluent-plugin-newrelic (~> 1.1.8)
  fluentd (~> 1.12.1)

RUBY VERSION
   ruby 3.0.0p0

BUNDLED WITH
   2.2.3
